GEM
  remote: https://rubygems.org/
  specs:
    activesupport (7.0.8)
      concurrent-ruby (~> 1.0, >= 1.0.2)
      i18n (>= 1.6, < 2)
      minitest (>= 5.1)
      tzinfo (~> 2.0)
    concurrent-ruby (1.2.2)
    httparty (0.20.0)
      mime-types (~> 3.0)
      multi_xml (>= 0.5.2)
    i18n (1.14.1)
      concurrent-ruby (~> 1.0)
    mime-types (3.5.1)
      mime-types-data (~> 3.2015)
    mime-types-data (3.2023.1003)
    minitest (5.20.0)
    multi_xml (0.6.0)
    nokogiri (1.16.2-x86_64-darwin)
      racc (~> 1.4)
    paint (2.2.1)
    racc (1.7.3)
    rake (13.1.0)
    tzinfo (2.0.6)
      concurrent-ruby (~> 1.0)

PLATFORMS
  x86_64-darwin-19
  x86_64-darwin-23

DEPENDENCIES
  activesupport (~> 7.0.0)
  httparty (~> 0.20.0)
  nokogiri
  paint (~> 2.2.0)
  rake

BUNDLED WITH
   2.5.3
