GEM
  remote: https://rubygems.org/
  specs:
    activesupport (8.0.2.1)
      base64
      benchmark (>= 0.3)
      bigdecimal
      concurrent-ruby (~> 1.0, >= 1.3.1)
      connection_pool (>= 2.2.5)
      drb
      i18n (>= 1.6, < 2)
      logger (>= 1.4.2)
      minitest (>= 5.1)
      securerandom (>= 0.3)
      tzinfo (~> 2.0, >= 2.0.5)
      uri (>= 0.13.1)
    base64 (0.3.0)
    benchmark (0.4.1)
    bigdecimal (3.2.2)
    byebug (12.0.0)
    concurrent-ruby (1.3.5)
    connection_pool (2.5.3)
    csv (3.3.5)
    diff-lcs (1.6.2)
    drb (2.2.3)
    httparty (0.23.1)
      csv
      mini_mime (>= 1.0.0)
      multi_xml (>= 0.5.2)
    i18n (1.14.7)
      concurrent-ruby (~> 1.0)
    logger (1.7.0)
    mini_mime (1.1.5)
    minitest (5.25.5)
    multi_xml (0.7.2)
      bigdecimal (~> 3.1)
    nokogiri (1.18.9-arm64-darwin)
      racc (~> 1.4)
    nokogiri (1.18.9-x86_64-darwin)
      racc (~> 1.4)
    paint (2.3.0)
    racc (1.8.1)
    rake (13.3.0)
    rspec (3.13.1)
      rspec-core (~> 3.13.0)
      rspec-expectations (~> 3.13.0)
      rspec-mocks (~> 3.13.0)
    rspec-core (3.13.5)
      rspec-support (~> 3.13.0)
    rspec-expectations (3.13.5)
      diff-lcs (>= 1.2.0, < 2.0)
      rspec-support (~> 3.13.0)
    rspec-mocks (3.13.5)
      diff-lcs (>= 1.2.0, < 2.0)
      rspec-support (~> 3.13.0)
    rspec-support (3.13.5)
    securerandom (0.4.1)
    tzinfo (2.0.6)
      concurrent-ruby (~> 1.0)
    uri (1.0.3)

PLATFORMS
  arm64-darwin-23
  arm64-darwin-24
  x86_64-darwin-19
  x86_64-darwin-23

DEPENDENCIES
  activesupport
  byebug
  httparty
  nokogiri
  paint
  rake
  rspec

RUBY VERSION
   ruby 3.4.5p51

BUNDLED WITH
   2.6.9
